PATH
  remote: .
  specs:
    codebreaker_captainjns (0.2.1)

GEM
  remote: https://rubygems.org/
  specs:
    concurrent-ruby (1.1.5)
    diff-lcs (1.3)
    i18n (1.6.0)
      concurrent-ruby (~> 1.0)
    rake (10.5.0)
    rspec (3.8.0)
      rspec-core (~> 3.8.0)
      rspec-expectations (~> 3.8.0)
      rspec-mocks (~> 3.8.0)
    rspec-core (3.8.1)
      rspec-support (~> 3.8.0)
    rspec-expectations (3.8.4)
      diff-lcs (>= 1.2.0, < 2.0)
      rspec-support (~> 3.8.0)
    rspec-mocks (3.8.1)
      diff-lcs (>= 1.2.0, < 2.0)
      rspec-support (~> 3.8.0)
    rspec-support (3.8.2)

PLATFORMS
  ruby

DEPENDENCIES
  bundler (~> 2.0)
  codebreaker_captainjns!
  i18n (~> 1.6)
  rake (~> 10.0)
  rspec (~> 3.0)

BUNDLED WITH
   2.0.1
